GEM
  remote: https://rubygems.org/
  specs:
    json (1.8.3)
    json (1.8.3-java)
    killbill-client (1.1.0)
      json (>= 1.2.0, < 2.0.0)
    rack (1.6.4)
    rack-protection (1.5.3)
      rack
    sinatra (1.4.7)
      rack (~> 1.5)
      rack-protection (~> 1.4)
      tilt (>= 1.3, < 3)
    tilt (2.0.5)

PLATFORMS
  java
  ruby

DEPENDENCIES
  killbill-client (~> 1.0)
  sinatra (~> 1.4)

BUNDLED WITH
   1.12.5
